GEM
  remote: https://rubygems.org/
  specs:
    hatenablog (0.7.0)
      nokogiri
      oauth
    mini_portile2 (2.5.0)
    nokogiri (1.11.1)
      mini_portile2 (~> 2.5.0)
      racc (~> 1.4)
    oauth (0.5.4)
    racc (1.5.2)

PLATFORMS
  ruby

DEPENDENCIES
  hatenablog

RUBY VERSION
   ruby 2.7.2p137

BUNDLED WITH
   2.1.4
